GEM
  remote: https://rubygems.org/
  specs:
    ansi (1.5.0)
    builder (3.2.4)
    coderay (1.1.3)
    dotenv (2.7.6)
    httparty (0.13.7)
      json (~> 1.8)
      multi_xml (>= 0.5.2)
    json (1.8.6)
    method_source (1.0.0)
    minitest (5.14.2)
    minitest-reporters (1.4.2)
      ansi
      builder
      minitest (>= 5.0)
      ruby-progressbar
    minitest-skip (0.0.3)
      minitest (~> 5.0)
    minitest-spec (0.0.2.1)
      minitest (>= 3.0)
    multi_xml (0.6.0)
    pry (0.13.1)
      coderay (~> 1.1)
      method_source (~> 1.0)
    rake (13.0.1)
    ruby-progressbar (1.10.1)
    vcr (6.0.0)

PLATFORMS
  ruby

DEPENDENCIES
  dotenv (~> 2.7, >= 2.7.6)
  httparty (~> 0.13.7)
  minitest
  minitest-reporters
  minitest-skip
  minitest-spec
  pry
  rake
  vcr

BUNDLED WITH
   2.1.4
